GEM
  remote: http://rubygems.org/
  specs:
    dotenv (0.9.0)
    em-websocket (0.5.0)
      eventmachine (>= 0.12.9)
      http_parser.rb (~> 0.5.3)
    eventmachine (1.0.3)
    foreman (0.63.0)
      dotenv (>= 0.7)
      thor (>= 0.13.6)
    haml (3.0.22)
    http_parser.rb (0.5.3)
    rack (1.2.1)
    sinatra (1.1.0)
      rack (~> 1.1)
      tilt (~> 1.1)
    thor (0.18.1)
    tilt (1.1)

PLATFORMS
  ruby

DEPENDENCIES
  bundler
  em-websocket (~> 0.5.0)
  foreman
  haml
  sinatra
